PATH
  remote: .
  specs:
    capistrano-beanstalkd (0.0.1)
      backburner
      capistrano

GEM
  remote: http://rubygems.org/
  specs:
    backburner (0.4.1)
      beaneater (~> 0.3.1)
      dante (~> 0.1.5)
    beaneater (0.3.1)
    capistrano (2.15.4)
      highline
      net-scp (>= 1.0.0)
      net-sftp (>= 2.0.0)
      net-ssh (>= 2.0.14)
      net-ssh-gateway (>= 1.1.0)
    dante (0.1.5)
    highline (1.6.19)
    net-scp (1.1.1)
      net-ssh (>= 2.6.5)
    net-sftp (2.1.2)
      net-ssh (>= 2.6.5)
    net-ssh (2.6.7)
    net-ssh-gateway (1.2.0)
      net-ssh (>= 2.6.5)

PLATFORMS
  ruby

DEPENDENCIES
  backburner
  capistrano-beanstalkd!
